GIT
  remote: git://github.com/applicationsonline/librarian-chef.git
  revision: 986a67919060bc7c98cbc2a930509e8d0975c21b
  specs:
    librarian-chef (0.0.1)
      archive-tar-minitar (>= 0.5.2)
      chef (>= 0.10)
      librarian (~> 0.1.0)

GIT
  remote: git://github.com/cucumber/cucumber.git
  revision: 1f1bd0ac8d46654397a7c7316c5641120c20dea5
  specs:
    cucumber (2.0)
      builder (>= 2.1.2)
      diff-lcs (>= 1.1.3)
      gherkin (~> 2.12.1)
      multi_json (~> 1.7.5)
      multi_test (>= 0.0.2)

GIT
  remote: git://github.com/jonlives/knife-spork.git
  revision: 4c781083d2987011f57dd571c1c10d5ade8ddbe2
  specs:
    knife-spork (1.2.1)
      app_conf (>= 0.4.0)
      chef (>= 0.10.4)
      git (>= 1.2.5)

GIT
  remote: git://github.com/theodi/cucumber-chef.git
  revision: fba66bd1fd99ad0f58bc46f2a3fd869f3c082628
  specs:
    cucumber-chef (3.0.8)
      cucumber
      fog (>= 1.3.1)
      mixlib-config (>= 1.1.2)
      rake (>= 0.9.2)
      rspec
      thor (>= 0.15.2)
      ubuntu_ami (>= 0.4.0)
      ztk (>= 1.0.9)

GEM
  remote: https://rubygems.org/
  specs:
    activesupport (4.0.0)
      i18n (~> 0.6, >= 0.6.4)
      minitest (~> 4.2)
      multi_json (~> 1.3)
      thread_safe (~> 0.1)
      tzinfo (~> 0.3.37)
    app_conf (0.4.1)
    archive-tar-minitar (0.5.2)
    atomic (1.1.13)
    builder (3.2.2)
    chef (11.6.0)
      erubis
      highline (>= 1.6.9)
      json (>= 1.4.4, <= 1.7.7)
      mixlib-authentication (>= 1.3.0)
      mixlib-cli (~> 1.3.0)
      mixlib-config (>= 1.1.2)
      mixlib-log (>= 1.3.0)
      mixlib-shellout
      net-ssh (~> 2.6)
      net-ssh-multi (~> 1.1.0)
      ohai (>= 0.6.0)
      rest-client (>= 1.0.4, < 1.7.0)
      yajl-ruby (~> 1.1)
    diff-lcs (1.2.4)
    erubis (2.7.0)
    excon (0.25.3)
    fog (1.15.0)
      builder
      excon (~> 0.25.0)
      formatador (~> 0.2.0)
      mime-types
      multi_json (~> 1.0)
      net-scp (~> 1.1)
      net-ssh (>= 2.1.3)
      nokogiri (~> 1.5)
      ruby-hmac
    foodcritic (0.2.0)
    formatador (0.2.4)
    gherkin (2.12.1)
      multi_json (~> 1.3)
    git (1.2.6)
    highline (1.6.19)
    i18n (0.6.5)
    ipaddress (0.8.0)
    json (1.7.7)
    librarian (0.1.1)
      highline
      thor (~> 0.15)
    mime-types (1.24)
    mini_portile (0.5.1)
    minitest (4.7.5)
    mixlib-authentication (1.3.0)
      mixlib-log
    mixlib-cli (1.3.0)
    mixlib-config (1.1.2)
    mixlib-log (1.6.0)
    mixlib-shellout (1.2.0)
    multi_json (1.7.9)
    multi_test (0.0.2)
    net-scp (1.1.2)
      net-ssh (>= 2.6.5)
    net-sftp (2.1.2)
      net-ssh (>= 2.6.5)
    net-ssh (2.6.8)
    net-ssh-gateway (1.2.0)
      net-ssh (>= 2.6.5)
    net-ssh-multi (1.1)
      net-ssh (>= 2.1.4)
      net-ssh-gateway (>= 0.99.0)
    nokogiri (1.6.0)
      mini_portile (~> 0.5.0)
    ohai (6.18.0)
      ipaddress
      mixlib-cli
      mixlib-config
      mixlib-log
      mixlib-shellout
      systemu
      yajl-ruby
    rake (10.1.0)
    rest-client (1.6.7)
      mime-types (>= 1.16)
    rspec (2.14.1)
      rspec-core (~> 2.14.0)
      rspec-expectations (~> 2.14.0)
      rspec-mocks (~> 2.14.0)
    rspec-core (2.14.5)
    rspec-expectations (2.14.2)
      diff-lcs (>= 1.1.3, < 2.0)
    rspec-mocks (2.14.3)
    ruby-hmac (0.4.0)
    systemu (2.5.2)
    thor (0.18.1)
    thread_safe (0.1.2)
      atomic
    tzinfo (0.3.37)
    ubuntu_ami (0.4.1)
    yajl-ruby (1.1.0)
    ztk (1.6.30)
      activesupport
      erubis
      net-sftp
      net-ssh

PLATFORMS
  ruby

DEPENDENCIES
  chef
  cucumber!
  cucumber-chef!
  foodcritic
  knife-spork!
  librarian-chef!
  ztk
